PATH
  remote: .
  specs:
    telos_lwcp (0.1.1)

GEM
  remote: https://rubygems.org/
  specs:
    autotest (5.0.0)
      minitest-autotest (~> 1.0)
    coderay (1.1.3)
    diff-lcs (1.5.0)
    method_source (1.0.0)
    minitest (5.15.0)
    minitest-autotest (1.1.1)
      minitest-server (~> 1.0)
      path_expander (~> 1.0)
    minitest-server (1.0.6)
      minitest (~> 5.0)
    path_expander (1.1.0)
    pry (0.14.1)
      coderay (~> 1.1)
      method_source (~> 1.0)
    rake (12.3.3)
    rspec (3.11.0)
      rspec-core (~> 3.11.0)
      rspec-expectations (~> 3.11.0)
      rspec-mocks (~> 3.11.0)
    rspec-autotest (1.0.2)
      rspec-core (>= 2.99.0.beta1, < 4.0.0)
    rspec-core (3.11.0)
      rspec-support (~> 3.11.0)
    rspec-expectations (3.11.0)
      diff-lcs (>= 1.2.0, < 2.0)
      rspec-support (~> 3.11.0)
    rspec-mocks (3.11.1)
      diff-lcs (>= 1.2.0, < 2.0)
      rspec-support (~> 3.11.0)
    rspec-support (3.11.0)

PLATFORMS
  ruby

DEPENDENCIES
  autotest
  bundler (~> 1.7)
  pry
  rake (~> 12.3)
  rspec
  rspec-autotest
  telos_lwcp!

BUNDLED WITH
   1.17.3
